GEM
  remote: https://rubygems.org/
  specs:
    coderay (1.1.1)
    dotenv (2.6.0)
    httparty (0.16.4)
      mime-types (~> 3.0)
      multi_xml (>= 0.5.2)
    method_source (0.8.2)
    mime-types (3.1)
      mime-types-data (~> 3.2015)
    mime-types-data (3.2016.0521)
    multi_xml (0.6.0)
    pry (0.10.4)
      coderay (~> 1.1.0)
      method_source (~> 0.8.1)
      slop (~> 3.4)
    rack (1.6.5)
    rack-protection (1.5.3)
      rack
    shotgun (0.9.2)
      rack (>= 1.0)
    sinatra (1.4.8)
      rack (~> 1.5)
      rack-protection (~> 1.4)
      tilt (>= 1.3, < 3)
    slop (3.6.0)
    themoviedb (1.0.1)
      httparty
    tilt (2.0.6)

PLATFORMS
  ruby

DEPENDENCIES
  dotenv
  pry
  shotgun
  sinatra
  themoviedb

BUNDLED WITH
   1.15.4
